GEM
  remote: https://rubygems.org/
  specs:
    action_cable_client (2.0.2)
      websocket-eventmachine-client (>= 1.2.0)
    eventmachine (1.2.5)
    websocket (1.2.5)
    websocket-eventmachine-base (1.2.0)
      eventmachine (~> 1.0)
      websocket (~> 1.0)
      websocket-native (~> 1.0)
    websocket-eventmachine-client (1.2.0)
      websocket-eventmachine-base (~> 1.0)
    websocket-native (1.0.0)

PLATFORMS
  ruby

DEPENDENCIES
  action_cable_client (~> 2.0, >= 2.0.2)

RUBY VERSION
   ruby 2.4.2p198

BUNDLED WITH
   1.16.0
